PATH
  remote: .
  specs:
    nas-extjs (0.4.0)
      bundler
      protected_attributes

GEM
  remote: https://rubygems.org/
  specs:
    activemodel (4.0.1)
      activesupport (= 4.0.1)
      builder (~> 3.1.0)
    activesupport (4.0.1)
      i18n (~> 0.6, >= 0.6.4)
      minitest (~> 4.2)
      multi_json (~> 1.3)
      thread_safe (~> 0.1)
      tzinfo (~> 0.3.37)
    atomic (1.1.14)
    builder (3.1.4)
    i18n (0.6.5)
    minitest (4.7.5)
    multi_json (1.8.2)
    protected_attributes (1.0.5)
      activemodel (>= 4.0.1, < 5.0)
    thread_safe (0.1.3)
      atomic
    tzinfo (0.3.38)

PLATFORMS
  ruby

DEPENDENCIES
  nas-extjs!
